GIT
  remote: git://github.com/rack/rack-contrib.git
  revision: b7e7c38fd02c3b5da91aa57af78b3f571c6ebcd0
  specs:
    rack-contrib (1.1.0)
      rack (>= 0.9.1)

GEM
  remote: http://rubygems.org/
  specs:
    rack (1.4.1)
    rack-rewrite (1.2.1)

PLATFORMS
  ruby

DEPENDENCIES
  rack-contrib!
  rack-rewrite
